GEM
  remote: https://rubygems.org/
  specs:
    cloudflare (3.1.0)
      rest-client
    domain_name (0.5.20180417)
      unf (>= 0.0.5, < 1.0.0)
    erubis (2.7.0)
    hetzner-api (1.2.0)
      httparty (~> 0.14.0)
      json
      thor
      xml-simple
    hetzner-bootstrap (1.3.0)
      erubis (>= 2.7.0)
      hetzner-api (>= 1.1.0)
      net-ssh (>= 2.6.0)
    http-cookie (1.0.3)
      domain_name (~> 0.5)
    httparty (0.14.0)
      multi_xml (>= 0.5.2)
    json (2.1.0)
    mime-types (3.1)
      mime-types-data (~> 3.2015)
    mime-types-data (3.2016.0521)
    multi_xml (0.6.0)
    net-ssh (4.2.0)
    netrc (0.11.0)
    rest-client (2.0.2)
      http-cookie (>= 1.0.2, < 2.0)
      mime-types (>= 1.16, < 4.0)
      netrc (~> 0.8)
    thor (0.20.0)
    unf (0.1.4)
      unf_ext
    unf_ext (0.0.7.5)
    xml-simple (1.1.5)

PLATFORMS
  ruby

DEPENDENCIES
  cloudflare
  hetzner-bootstrap

BUNDLED WITH
   1.13.7
